GEM
  remote: https://rubygems.org/
  specs:
    haml (4.0.6)
      tilt
    rake (10.4.2)
    tilt (2.0.1)

PLATFORMS
  x86-mingw32

DEPENDENCIES
  haml
  rake

BUNDLED WITH
   1.10.5
